GEM
  remote: https://rubygems.org/
  specs:
    relative-require (1.1)

PLATFORMS
  ruby
  x86_64-linux

DEPENDENCIES
  relative-require (~> 1.1)

BUNDLED WITH
   2.5.16
